GEM
  remote: https://rubygems.org/
  specs:
    activemodel (4.2.8.rc1)
      activesupport (= 4.2.8.rc1)
      builder (~> 3.1)
    activesupport (4.2.8.rc1)
      i18n (~> 0.7)
      minitest (~> 5.1)
      thread_safe (~> 0.3, >= 0.3.4)
      tzinfo (~> 1.1)
    aws-sdk (2.7.7)
      aws-sdk-resources (= 2.7.7)
    aws-sdk-core (2.7.7)
      aws-sigv4 (~> 1.0)
      jmespath (~> 1.0)
    aws-sdk-resources (2.7.7)
      aws-sdk-core (= 2.7.7)
    aws-sigv4 (1.0.0)
    backports (3.6.8)
    builder (3.2.3)
    concurrent-ruby (1.0.4)
    dynamoid (1.3.0)
      activemodel (~> 4)
      aws-sdk-resources (~> 2)
      concurrent-ruby (>= 1.0)
    esa (1.7.0)
      faraday (~> 0.9)
      faraday_middleware
      mime-types (~> 2.6)
      multi_xml (~> 0.5.5)
    faraday (0.11.0)
      multipart-post (>= 1.2, < 3)
    faraday_middleware (0.11.0.1)
      faraday (>= 0.7.4, < 1.0)
    hashie (3.5.2)
    httpauth (0.2.1)
    i18n (0.8.0)
    jmespath (1.3.1)
    jwt (0.1.13)
      multi_json (>= 1.5)
    mime-types (2.99.3)
    minitest (5.10.1)
    multi_json (1.12.1)
    multi_xml (0.5.5)
    multipart-post (2.0.0)
    oauth2 (0.8.1)
      faraday (~> 0.8)
      httpauth (~> 0.1)
      jwt (~> 0.1.4)
      multi_json (~> 1.0)
      rack (~> 1.2)
    omniauth (1.4.1)
      hashie (>= 1.2, < 4)
      rack (>= 1.0, < 3)
    omniauth-esa (0.1.0)
      omniauth
      omniauth-oauth2
    omniauth-oauth2 (1.1.1)
      oauth2 (~> 0.8.0)
      omniauth (~> 1.0)
    rack (1.6.5)
    rack-protection (1.5.3)
      rack
    rack-test (0.6.3)
      rack (>= 1.0)
    rake (12.0.0)
    sinatra (1.4.8)
      rack (~> 1.5)
      rack-protection (~> 1.4)
      tilt (>= 1.3, < 3)
    sinatra-contrib (1.4.7)
      backports (>= 2.0)
      multi_json
      rack-protection
      rack-test
      sinatra (~> 1.4.0)
      tilt (>= 1.3, < 3)
    thread_safe (0.3.5)
    tilt (2.0.6)
    tzinfo (1.2.2)
      thread_safe (~> 0.1)

PLATFORMS
  ruby

DEPENDENCIES
  activemodel (= 4.2.8.rc1)
  activesupport (= 4.2.8.rc1)
  aws-sdk
  dynamoid
  esa
  omniauth
  omniauth-esa
  rake
  sinatra
  sinatra-contrib

BUNDLED WITH
   1.13.7
